PATH
  remote: .
  specs:
    hltv (0.1.0)

GEM
  remote: https://rubygems.org/
  specs:
    amq-protocol (2.3.0)
    bunny (2.14.3)
      amq-protocol (~> 2.3, >= 2.3.0)
    coderay (1.1.2)
    ethon (0.12.0)
      ffi (>= 1.3.0)
    ffi (1.12.2)
    method_source (0.9.2)
    mini_portile2 (2.4.0)
    minitest (5.14.0)
    mustermann (1.1.1)
      ruby2_keywords (~> 0.0.1)
    nokogiri (1.10.8)
      mini_portile2 (~> 2.4.0)
    pry (0.12.2)
      coderay (~> 1.1.0)
      method_source (~> 0.9.0)
    rack (2.2.2)
    rack-protection (2.0.8.1)
      rack
    rake (10.5.0)
    redis (4.1.3)
    ruby2_keywords (0.0.2)
    sinatra (2.0.8.1)
      mustermann (~> 1.0)
      rack (~> 2.0)
      rack-protection (= 2.0.8.1)
      tilt (~> 2.0)
    tilt (2.0.10)
    typhoeus (1.3.1)
      ethon (>= 0.9.0)

PLATFORMS
  ruby

DEPENDENCIES
  bundler (~> 2.0)
  bunny (>= 2.14.1)
  hltv!
  minitest (~> 5.0)
  nokogiri
  pry (~> 0.12.2)
  rake (~> 10.0)
  redis
  sinatra
  typhoeus

BUNDLED WITH
   2.0.2
