PATH
  remote: .
  specs:
    hltv (0.1.0)

GEM
  remote: https://rubygems.org/
  specs:
    amq-protocol (2.3.0)
    bunny (2.14.3)
      amq-protocol (~> 2.3, >= 2.3.0)
    ethon (0.12.0)
      ffi (>= 1.3.0)
    ffi (1.12.2)
    mini_portile2 (2.4.0)
    minitest (5.14.0)
    nokogiri (1.10.8)
      mini_portile2 (~> 2.4.0)
    rake (10.5.0)
    redis (4.1.3)
    typhoeus (1.3.1)
      ethon (>= 0.9.0)

PLATFORMS
  ruby

DEPENDENCIES
  bundler (~> 2.0)
  bunny (>= 2.14.1)
  hltv!
  minitest (~> 5.0)
  nokogiri
  rake (~> 10.0)
  redis
  typhoeus

BUNDLED WITH
   2.0.2
